GIT
  remote: git://github.com/ruby-amqp/amqp.git
  revision: b26e1c12c2939e55dce23b53de79751d7a6e70c0
  specs:
    amqp (1.1.0.pre)
      amq-client (~> 1.0.2)
      amq-protocol (>= 1.3.0)
      eventmachine

GEM
  remote: http://rubygems.org/
  specs:
    amq-client (1.0.2)
      amq-protocol (>= 1.2.0)
      eventmachine
    amq-protocol (1.5.0)
    eventmachine (1.0.3)

PLATFORMS
  ruby

DEPENDENCIES
  amqp!
